##TITLE= Parameter file, TopSpin 3.5 pl 4
##JCAMPDX= 5.0
##DATATYPE= Parameter Values
##NPOINTS= 4	$$ modification sequence number
##ORIGIN= Bruker BioSpin GmbH
##OWNER= nmrsu
$$ 2020-07-01 17:01:14.636 +0200  nmrsu@rmn601
$$ C:/IVDrData/data/COVID19_Serum-20200701/nmr/HB-COVID0001/12/acqu2
$$ process C:\Bruker\TopSpin3.5pl4\prog\au\bin\getprofpars.exe
##$ACQT0= 0
##$BF1= 600.27
##$FnMODE= 1
##$NUC1= <1H>
##$NusJSP= 0
##$NusT2= 1
##$NusTD= 0
##$O1= 2822.92999997935
##$ProjAngle= 0
##$SFO1= 600.27282293
##$SW= 0.129971228210337
##$SW_h= 78.0181960574981
##$TD= 40
##END=
